GEM
  remote: http://rubygems.org/
  specs:
    benchmark-ips (1.2.0)

PLATFORMS
  ruby

DEPENDENCIES
  benchmark-ips
