GEM
  remote: http://rubygems.org/
  specs:
    debugger-ruby_core_source (1.3.5)
    rack (1.5.2)
    rack-lineprof (0.0.3)
      rack (~> 1.5)
      rblineprof (~> 0.3.6)
      term-ansicolor (~> 1.3)
    rack-protection (1.5.3)
      rack
    rblineprof (0.3.6)
      debugger-ruby_core_source (~> 1.3)
    sinatra (1.4.5)
      rack (~> 1.4)
      rack-protection (~> 1.4)
      tilt (~> 1.3, >= 1.3.4)
    stackprof (0.2.7)
    term-ansicolor (1.3.0)
      tins (~> 1.0)
    tilt (1.4.1)
    tins (1.3.3)

PLATFORMS
  ruby

DEPENDENCIES
  rack-lineprof
  sinatra
  stackprof
